PATH
  remote: .
  specs:
    consular-terminator (0.1.1)
      consular

GEM
  remote: http://rubygems.org/
  specs:
    activesupport (3.1.1)
      multi_json (~> 1.0)
    builder (3.0.0)
    consular (1.0.1)
      activesupport
      thor
    cucumber (1.1.1)
      builder (>= 2.1.2)
      diff-lcs (>= 1.1.2)
      gherkin (~> 2.6.0)
      json (>= 1.4.6)
      term-ansicolor (>= 1.0.6)
    diff-lcs (1.1.3)
    gherkin (2.6.2)
      json (>= 1.4.6)
    gherkin (2.6.2-java)
      json (>= 1.4.6)
    json (1.6.1)
    json (1.6.1-java)
    metaclass (0.0.1)
    mocha (0.10.0)
      metaclass (~> 0.0.1)
    multi_json (1.0.3)
    rake (0.9.2.2)
    rspec (2.7.0)
      rspec-core (~> 2.7.0)
      rspec-expectations (~> 2.7.0)
      rspec-mocks (~> 2.7.0)
    rspec-core (2.7.1)
    rspec-expectations (2.7.0)
      diff-lcs (~> 1.1.2)
    rspec-mocks (2.7.0)
    spork (0.8.5)
    term-ansicolor (1.0.7)
    thor (0.14.6)
    watchr (0.7)
    yard (0.7.3)

PLATFORMS
  java
  ruby

DEPENDENCIES
  bundler
  consular-terminator!
  cucumber
  mocha
  rake
  rspec
  spork
  watchr
  yard
